GEM
  remote: http://rubygems.org/
  specs:
    configliere (0.4.6)
    erubis (2.7.0)
    git (1.2.5)
    gorillib (0.1.1)
    jeweler (1.5.2)
      bundler (~> 1.0.0)
      git (>= 1.2.5)
      rake
    rake (0.8.7)
    rcov (0.9.9)
    right_aws (2.1.0)
      right_http_connection (>= 1.2.5)
    right_http_connection (1.3.0)
    shoulda (2.11.3)
    swineherd (0.0.4)
      configliere
      erubis
      gorillib
      right_aws

PLATFORMS
  ruby

DEPENDENCIES
  bundler (~> 1.0.0)
  configliere (= 0.4.6)
  jeweler (~> 1.5.2)
  rake (= 0.8.7)
  rcov
  shoulda
  swineherd (>= 0.0.4)
